GEM
  remote: https://rubygems.org/
  specs:
    eventmachine (1.0.3)
    tunnels (1.2.2)
      eventmachine

PLATFORMS
  ruby

DEPENDENCIES
  tunnels
